GEM
  remote: https://rubygems.org/
  specs:
    rake (12.3.1)

PLATFORMS
  x86-mingw32

DEPENDENCIES
  rake

BUNDLED WITH
   1.16.3
