GEM
  remote: https://rubygems.org/
  specs:
    rake (12.3.1)
    ruby-progressbar (1.9.0)

PLATFORMS
  x86-mingw32

DEPENDENCIES
  rake
  ruby-progressbar

BUNDLED WITH
   1.16.3
