GEM
  remote: https://rubygems.org/
  specs:
    minitest (5.11.3)

PLATFORMS
  x86-mingw32

DEPENDENCIES
  minitest

BUNDLED WITH
   1.16.3
